GIT
  remote: git://github.com/pubnub/ruby.git
  revision: 0bdfd762fa95cdf078796ad49a3dac6e66af7139
  branch: feature/4.0
  specs:
    pubnub (4.0.0)
      celluloid (~> 0.16)
      httpclient (~> 2.6)
      json (~> 1.8)

GEM
  remote: https://rubygems.org/
  specs:
    celluloid (0.17.3)
      celluloid-essentials
      celluloid-extras
      celluloid-fsm
      celluloid-pool
      celluloid-supervision
      timers (>= 4.1.1)
    celluloid-essentials (0.20.5)
      timers (>= 4.1.1)
    celluloid-extras (0.20.5)
      timers (>= 4.1.1)
    celluloid-fsm (0.20.5)
      timers (>= 4.1.1)
    celluloid-pool (0.20.5)
      timers (>= 4.1.1)
    celluloid-supervision (0.20.5)
      timers (>= 4.1.1)
    coderay (1.1.0)
    daemons (1.2.3)
    eventmachine (1.0.9)
    expectation (1.1.0)
    haml (4.0.7)
      tilt
    hitimes (1.2.3)
    httpclient (2.7.1)
    json (1.8.3)
    method_source (0.8.2)
    pry (0.10.3)
      coderay (~> 1.1.0)
      method_source (~> 0.8.1)
      slop (~> 3.4)
    rack (1.6.4)
    rack-cors (0.4.0)
    rack-protection (1.5.3)
      rack
    sinatra (1.4.6)
      rack (~> 1.4)
      rack-protection (~> 1.4)
      tilt (>= 1.3, < 3)
    sinatra-sse (0.1)
      expectation
      sinatra
    slop (3.6.0)
    thin (1.6.4)
      daemons (~> 1.0, >= 1.0.9)
      eventmachine (~> 1.0, >= 1.0.4)
      rack (~> 1.0)
    tilt (2.0.1)
    timers (4.1.1)
      hitimes

PLATFORMS
  ruby

DEPENDENCIES
  haml
  pry
  pubnub!
  rack-cors
  sinatra
  sinatra-sse
  thin

BUNDLED WITH
   1.10.6
